GEM
  remote: https://rubygems.org/
  specs:
    diff-lcs (1.5.1)
    io-console (0.7.2)
    readline (0.0.4)
      reline
    readline-ext (0.2.0)
    reline (0.4.3)
      io-console (~> 0.5)
    rspec (3.13.0)
      rspec-core (~> 3.13.0)
      rspec-expectations (~> 3.13.0)
      rspec-mocks (~> 3.13.0)
    rspec-core (3.13.0)
      rspec-support (~> 3.13.0)
    rspec-expectations (3.13.0)
      diff-lcs (>= 1.2.0, < 2.0)
      rspec-support (~> 3.13.0)
    rspec-mocks (3.13.0)
      diff-lcs (>= 1.2.0, < 2.0)
      rspec-support (~> 3.13.0)
    rspec-support (3.13.1)

PLATFORMS
  ruby
  x86_64-linux

DEPENDENCIES
  readline
  readline-ext
  rspec

BUNDLED WITH
   2.5.6
